GEM
  remote: https://rubygems.org/
  specs:
    ruby-mp3info (0.8.10)
    thor (0.19.4)

PLATFORMS
  ruby

DEPENDENCIES
  ruby-mp3info
  thor

BUNDLED WITH
   1.13.6
